GEM
  remote: https://rubygems.org/
  specs:
    CFPropertyList (3.0.3)
    atomos (0.1.3)
    claide (1.0.3)
    clamp (0.6.5)
    colored2 (3.1.2)
    colorize (0.8.1)
    nanaimo (0.3.0)
    nokogiri (1.11.7-arm64-darwin)
      racc (~> 1.4)
    racc (1.5.2)
    rexml (3.2.5)
    synx (0.2.1)
      clamp (~> 0.6)
      colorize (~> 0.7)
      xcodeproj (~> 1.0)
    xcodeproj (1.20.0)
      CFPropertyList (>= 2.3.3, < 4.0)
      atomos (~> 0.1.3)
      claide (>= 1.0.2, < 2.0)
      colored2 (~> 3.1)
      nanaimo (~> 0.3.0)
      rexml (~> 3.2.4)

PLATFORMS
  universal-darwin-21

DEPENDENCIES
  nokogiri
  synx
  xcodeproj

BUNDLED WITH
   2.2.16
